PATH
  remote: .
  specs:
    shariff_backend (0.0.1)
      cuba (~> 3.4.0)
      httpclient (~> 2.6.0)

GEM
  remote: https://rubygems.org/
  specs:
    addressable (2.3.8)
    ast (2.0.0)
    astrolabe (1.3.0)
      parser (>= 2.2.0.pre.3, < 3.0)
    awesome_print (1.6.1)
    binding_of_caller (0.7.2)
      debug_inspector (>= 0.0.1)
    byebug (4.0.5)
      columnize (= 0.9.0)
    clap (1.0.0)
    coderay (1.1.0)
    columnize (0.9.0)
    coolline (0.5.0)
      unicode_utils (~> 1.4)
    crack (0.4.2)
      safe_yaml (~> 1.0.0)
    cuba (3.4.0)
      rack
    cutest (1.2.2)
      clap
    debug_inspector (0.0.2)
    diff-lcs (1.2.5)
    diffy (3.0.7)
    grit (2.5.0)
      diff-lcs (~> 1.1)
      mime-types (~> 1.15)
      posix-spawn (~> 0.3.6)
    httpclient (2.6.0.1)
    inch (0.5.10)
      pry
      sparkr (>= 0.2.0)
      term-ansicolor
      yard (~> 0.8.7.5)
    interception (0.5)
    method_source (0.8.2)
    mime-types (1.25.1)
    parser (2.2.2.0)
      ast (>= 1.1, < 3.0)
    posix-spawn (0.3.11)
    powerpack (0.1.0)
    pry (0.10.1)
      coderay (~> 1.1.0)
      method_source (~> 0.8.1)
      slop (~> 3.4)
    pry-byebug (3.1.0)
      byebug (~> 4.0)
      pry (~> 0.10)
    pry-git (0.2.3)
      diffy
      grit
      pry (>= 0.9.8)
    pry-rails (0.3.4)
      pry (>= 0.9.10)
    pry-rescue (1.4.1)
      interception (>= 0.5)
      pry
    pry-stack_explorer (0.4.9.2)
      binding_of_caller (>= 0.7)
      pry (>= 0.9.11)
    rack (1.6.0)
    rack-test (0.6.3)
      rack (>= 1.0)
    rainbow (2.0.0)
    rubocop (0.30.0)
      astrolabe (~> 1.3)
      parser (>= 2.2.0.1, < 3.0)
      powerpack (~> 0.1)
      rainbow (>= 1.99.1, < 3.0)
      ruby-progressbar (~> 1.4)
    ruby-progressbar (1.7.5)
    safe_yaml (1.0.4)
    slop (3.6.0)
    sparkr (0.4.1)
    term-ansicolor (1.3.0)
      tins (~> 1.0)
    tins (1.3.5)
    unicode_utils (1.4.0)
    webmock (1.21.0)
      addressable (>= 2.3.6)
      crack (>= 0.3.2)
    yard (0.8.7.6)

PLATFORMS
  ruby

DEPENDENCIES
  awesome_print
  bundler (~> 1.9.4)
  coolline
  cutest
  inch
  pry-byebug (~> 3.1.0)
  pry-git
  pry-rails
  pry-rescue
  pry-stack_explorer
  rack-test
  rubocop
  shariff_backend!
  webmock
